GEM
  remote: https://rubygems.org/
  specs:
    async (2.6.5)
      console (~> 1.10)
      fiber-annotation
      io-event (~> 1.1)
      timers (~> 4.1)
    console (1.23.2)
      fiber-annotation
      fiber-local
    fiber-annotation (0.2.0)
    fiber-local (1.0.0)
    io-event (1.3.3)
    pastel (0.8.0)
      tty-color (~> 0.5)
    timers (4.3.5)
    tty-color (0.6.0)
    tty-command (0.10.1)
      pastel (~> 0.8)

PLATFORMS
  arm64-darwin-22

DEPENDENCIES
  async (~> 2.6)
  tty-command

BUNDLED WITH
   2.4.21
